GEM
  remote: https://rubygems.org/
  specs:
    mustermann (1.0.2)
    rack (2.0.6)
    rack-protection (2.0.3)
      rack
    sinatra (2.0.3)
      mustermann (~> 1.0)
      rack (~> 2.0)
      rack-protection (= 2.0.3)
      tilt (~> 2.0)
    tilt (2.0.8)

PLATFORMS
  ruby

DEPENDENCIES
  rack (>= 2.0.6)
  sinatra

BUNDLED WITH
   1.17.1
